PATH
  remote: .
  specs:
    eenie_meenie (0.0.1)

GEM
  remote: http://rubygems.org/
  specs:
    coderay (1.0.7)
    method_source (0.8)
    minitest (3.5.0)
    pry (0.9.10)
      coderay (~> 1.0.5)
      method_source (~> 0.8)
      slop (~> 3.3.1)
    pry (0.9.10-java)
      coderay (~> 1.0.5)
      method_source (~> 0.8)
      slop (~> 3.3.1)
      spoon (~> 0.0)
    rake (0.9.2.2)
    slop (3.3.3)
    spoon (0.0.1)

PLATFORMS
  java
  ruby

DEPENDENCIES
  eenie_meenie!
  minitest
  pry
  rake
